GEM
  remote: http://rubygems.org/
  specs:
    diff-lcs (1.1.2)
    guard (0.3.4)
      thor (~> 0.14.6)
    guard-rspec (0.3.1)
      guard (>= 0.2.2)
    highline (1.6.1)
    rake (0.8.7)
    rspec (2.3.0)
      rspec-core (~> 2.3.0)
      rspec-expectations (~> 2.3.0)
      rspec-mocks (~> 2.3.0)
    rspec-core (2.3.0)
    rspec-expectations (2.3.0)
      diff-lcs (~> 1.1.2)
    rspec-mocks (2.3.0)
    thor (0.14.6)

PLATFORMS
  ruby

DEPENDENCIES
  guard-rspec
  highline
  rake
  rspec
