GEM
  remote: http://rubygems.org/
  specs:
    activesupport (3.0.0)
    highline (1.6.1)
    rspec (1.3.0)

PLATFORMS
  ruby

DEPENDENCIES
  activesupport (= 3.0.0)
  highline
  rspec (~> 1.0)
