GEM
  specs:
    highline (1.6.1)
    rspec (1.3.1)

PLATFORMS
  ruby

DEPENDENCIES
  highline
  rspec (~> 1.1)
