PATH
  remote: .
  specs:
    nanomart (1.0)

GEM
  remote: http://rubygems.org/
  specs:
    highline (1.6.1)
    rspec (1.3.0)

PLATFORMS
  ruby

DEPENDENCIES
  highline
  nanomart!
  rspec
